PATH
  remote: .
  specs:
    easypost (2.0.11)
      rest-client (~> 1.4)

GEM
  remote: https://rubygems.org/
  specs:
    diff-lcs (1.2.4)
    mime-types (2.3)
    rest-client (1.6.7)
      mime-types (>= 1.16)
    rspec (2.13.0)
      rspec-core (~> 2.13.0)
      rspec-expectations (~> 2.13.0)
      rspec-mocks (~> 2.13.0)
    rspec-core (2.13.1)
    rspec-expectations (2.13.0)
      diff-lcs (>= 1.1.3, < 2.0)
    rspec-mocks (2.13.1)

PLATFORMS
  ruby

DEPENDENCIES
  easypost!
  rspec (~> 2.13.0)
